GIT
  remote: git://github.com/microservices/pairtree.git
  revision: 0c34c390d6e8b693b610c05b468b3e690c06820e
  specs:
    pairtree (0.1.0)

GEM
  remote: http://rubygems.org/
  specs:
    builder (3.0.0)
    checkm (0.1.1)
    diff-lcs (1.1.3)
    i18n (0.6.0)
    lockit (0.1.2)
    namaste (0.3.0)
      i18n
    rack (1.3.5)
    rack-protection (1.1.4)
      rack
    rack-test (0.6.1)
      rack (>= 1.0)
    rake (0.9.2.2)
    rspec (2.7.0)
      rspec-core (~> 2.7.0)
      rspec-expectations (~> 2.7.0)
      rspec-mocks (~> 2.7.0)
    rspec-core (2.7.1)
    rspec-expectations (2.7.0)
      diff-lcs (~> 1.1.2)
    rspec-mocks (2.7.0)
    sinatra (1.3.1)
      rack (~> 1.3, >= 1.3.4)
      rack-protection (~> 1.1, >= 1.1.2)
      tilt (~> 1.3, >= 1.3.3)
    tilt (1.3.3)

PLATFORMS
  ruby

DEPENDENCIES
  builder
  checkm (~> 0.1.1)
  lockit
  namaste
  pairtree!
  rack-test
  rake
  rspec
  sinatra
